GIT
  remote: https://github.com/buildgroundwork/rubocop.git
  revision: 0c093f9f3a3e8981167586ee08e28bdbaff3bc20
  specs:
    rubocop (0.79.0)
      jaro_winkler (~> 1.5.1)
      parallel (~> 1.10)
      parser (>= 2.7.0.1)
      rainbow (>= 2.2.2, < 4.0)
      rexml
      ruby-progressbar (~> 1.7)
      unicode-display_width (>= 1.4.0, < 1.7)

PATH
  remote: .
  specs:
    groundwork-style (0.79.0)
      rubocop (~> 0.79)
      rubocop-performance (~> 1.5)
      rubocop-rails (~> 2.4)
      rubocop-rake (~> 0.5)
      rubocop-rspec (~> 1.37)

GEM
  remote: https://rubygems.org/
  specs:
    ast (2.4.0)
    jaro_winkler (1.5.4)
    parallel (1.19.1)
    parser (2.7.0.2)
      ast (~> 2.4.0)
    rack (2.2.2)
    rainbow (3.0.0)
    rake (13.0.1)
    rexml (3.2.4)
    rubocop-performance (1.5.2)
      rubocop (>= 0.71.0)
    rubocop-rails (2.4.2)
      rack (>= 1.1)
      rubocop (>= 0.72.0)
    rubocop-rake (0.5.0)
      rubocop
    rubocop-rspec (1.37.1)
      rubocop (>= 0.68.1)
    ruby-progressbar (1.10.1)
    unicode-display_width (1.6.1)

PLATFORMS
  ruby

DEPENDENCIES
  groundwork-style!
  rake (~> 13.0)
  rubocop!

BUNDLED WITH
   2.1.4
